PATH
  remote: .
  specs:
    aws_helper (0.0.1)
      aws-sdk-v1 (~> 1.66)

GEM
  remote: https://rubygems.org/
  specs:
    aws-sdk-v1 (1.66.0)
      json (~> 1.4)
      nokogiri (>= 1.4.4)
    json (1.8.3)
    mini_portile2 (2.0.0)
    nokogiri (1.6.7.2)
      mini_portile2 (~> 2.0.0.rc2)

PLATFORMS
  ruby

DEPENDENCIES
  aws_helper!

BUNDLED WITH
   1.11.2
